GEM
  remote: https://rubygems.org/
  specs:
    byebug (11.0.1)
    coderay (1.1.2)
    daemons (1.3.1)
    dotenv (2.7.2)
    eventmachine (1.2.7)
    method_source (0.9.2)
    oj (3.7.12)
    pry (0.12.2)
      coderay (~> 1.1.0)
      method_source (~> 0.9.0)
    rack (2.0.7)
    rack-jsonparser (1.0.2)
      oj (~> 3)
      rack (~> 2)
    rake (12.3.2)
    shotgun (0.9.2)
      rack (>= 1.0)
    simple_router (0.9.8.1)
    thin (1.7.2)
      daemons (~> 1.0, >= 1.0.9)
      eventmachine (~> 1.0, >= 1.0.4)
      rack (>= 1, < 3)

PLATFORMS
  ruby

DEPENDENCIES
  byebug
  dotenv
  pry
  rack (>= 2.0.6)
  rack-jsonparser
  rake
  shotgun
  simple_router
  thin

RUBY VERSION
   ruby 2.5.3p105

BUNDLED WITH
   2.0.1
